GEM
  remote: https://rubygems.org/
  specs:

PLATFORMS
  arm64-darwin-20

DEPENDENCIES

RUBY VERSION
   ruby 2.7.2p137

BUNDLED WITH
   2.3.10
